GEM
  remote: https://rubygems.org/
  specs:
    metaclass (0.0.1)
    minitest (5.0.8)
    mocha (0.14.0)
      metaclass (~> 0.0.1)
    trollop (2.0)

PLATFORMS
  ruby

DEPENDENCIES
  minitest
  mocha
  trollop
