GEM
  remote: https://rubygems.org/
  specs:
    chronic (0.10.2)
    metaclass (0.0.1)
    minitest (5.0.8)
    mocha (0.14.0)
      metaclass (~> 0.0.1)

PLATFORMS
  ruby

DEPENDENCIES
  chronic
  minitest
  mocha
