GEM
  remote: https://rubygems.org/
  specs:
    addressable (2.3.5)
    chronic (0.10.2)
    launchy (2.4.2)
      addressable (~> 2.3)
    metaclass (0.0.1)
    minitest (5.0.8)
    mocha (0.14.0)
      metaclass (~> 0.0.1)

PLATFORMS
  ruby

DEPENDENCIES
  chronic
  launchy
  minitest
  mocha
